PATH
  remote: .
  specs:
    xero-ruby (2.9.1)
      faraday (~> 1.0, >= 1.0.1)
      json (~> 2.1, >= 2.1.0)

GEM
  remote: https://rubygems.org/
  specs:
    ast (2.4.1)
    byebug (11.1.3)
    coderay (1.1.3)
    diff-lcs (1.4.4)
    faraday (1.4.1)
      faraday-excon (~> 1.1)
      faraday-net_http (~> 1.0)
      faraday-net_http_persistent (~> 1.1)
      multipart-post (>= 1.2, < 3)
      ruby2_keywords (>= 0.0.4)
    faraday-excon (1.1.0)
    faraday-net_http (1.0.1)
    faraday-net_http_persistent (1.1.0)
    jaro_winkler (1.5.4)
    json (2.5.1)
    method_source (1.0.0)
    multipart-post (2.1.1)
    parallel (1.20.1)
    parser (2.7.2.0)
      ast (~> 2.4.1)
    pry (0.13.1)
      coderay (~> 1.1)
      method_source (~> 1.0)
    pry-byebug (3.9.0)
      byebug (~> 11.0)
      pry (~> 0.13.0)
    psych (3.2.1)
    rainbow (3.0.0)
    rake (12.3.3)
    rspec (3.10.0)
      rspec-core (~> 3.10.0)
      rspec-expectations (~> 3.10.0)
      rspec-mocks (~> 3.10.0)
    rspec-core (3.10.0)
      rspec-support (~> 3.10.0)
    rspec-expectations (3.10.0)
      diff-lcs (>= 1.2.0, < 2.0)
      rspec-support (~> 3.10.0)
    rspec-mocks (3.10.0)
      diff-lcs (>= 1.2.0, < 2.0)
      rspec-support (~> 3.10.0)
    rspec-support (3.10.0)
    rubocop (0.66.0)
      jaro_winkler (~> 1.5.1)
      parallel (~> 1.10)
      parser (>= 2.5, != 2.5.1.1)
      psych (>= 3.1.0)
      rainbow (>= 2.2.2, < 4.0)
      ruby-progressbar (~> 1.7)
      unicode-display_width (>= 1.4.0, < 1.6)
    ruby-progressbar (1.10.1)
    ruby2_keywords (0.0.4)
    unicode-display_width (1.5.0)

PLATFORMS
  ruby

DEPENDENCIES
  pry-byebug
  rake (~> 12.3.3)
  rspec (~> 3.6, >= 3.6.0)
  rubocop (~> 0.66.0)
  xero-ruby!

BUNDLED WITH
   2.1.4
